GEM
  remote: http://rubygems.org/
  specs:
    json (1.5.1)
    rspec (1.3.0)
    selenium-client (1.2.18)

PLATFORMS
  ruby

DEPENDENCIES
  json
  rspec (= 1.3.0)
  selenium-client
